PATH
  remote: .
  specs:
    db_acts_as_versioned (3.5.0)

GEM
  remote: https://rubygems.org/
  specs:
    rake (13.0.6)

PLATFORMS
  ruby

DEPENDENCIES
  bundler (~> 1.3)
  db_acts_as_versioned!
  rake
