PATH
  remote: .
  specs:
    db_acts_as_versioned (4.0.0)
      activerecord (~> 6.0)
      activesupport (~> 6.0)
      bigdecimal (= 1.3.5)

GEM
  remote: https://rubygems.org/
  specs:
    activemodel (6.1.7.10)
      activesupport (= 6.1.7.10)
    activerecord (6.1.7.10)
      activemodel (= 6.1.7.10)
      activesupport (= 6.1.7.10)
    activesupport (6.1.7.10)
      concurrent-ruby (~> 1.0, >= 1.0.2)
      i18n (>= 1.6, < 2)
      minitest (>= 5.1)
      tzinfo (~> 2.0)
      zeitwerk (~> 2.3)
    bigdecimal (1.3.5)
    concurrent-ruby (1.3.4)
    i18n (1.14.6)
      concurrent-ruby (~> 1.0)
    mini_portile2 (2.8.8)
    minitest (5.25.4)
    power_assert (2.0.1)
    rake (13.0.6)
    sqlite3 (1.6.9)
      mini_portile2 (~> 2.8.0)
    sqlite3 (1.6.9-x86_64-darwin)
    sqlite3 (1.6.9-x86_64-linux)
    test-unit (3.4.4)
      power_assert
    tzinfo (2.0.6)
      concurrent-ruby (~> 1.0)
    zeitwerk (2.6.18)

PLATFORMS
  ruby
  x86_64-darwin-20
  x86_64-linux

DEPENDENCIES
  bundler
  db_acts_as_versioned!
  rake
  sqlite3 (>= 1.4.0)
  test-unit

BUNDLED WITH
   2.2.25
